PATH
  remote: .
  specs:
    motion-cross-platform (1.0)

GEM
  remote: https://rubygems.org/
  specs:
    rake (13.1.0)

PLATFORMS
  arm64-darwin-21

DEPENDENCIES
  motion-cross-platform!
  rake

BUNDLED WITH
   2.4.22
